GEM
  remote: https://rubygems.org/
  specs:
    builder (3.2.4)
    concurrent-ruby (1.1.7)
    cucumber (0.7.3)
      builder (>= 2.1.2)
      diff-lcs (>= 1.1.2)
      gherkin (>= 1.0.27)
      json_pure (>= 1.2.4)
      term-ansicolor (>= 1.0.4)
    cucumber-json (0.0.2)
      cucumber (~> 0.7.3)
      json_pure (~> 1.4.3)
    cucumber-messages (8.0.0)
      google-protobuf (>= 3.2, <= 3.8)
      json (~> 2.2, >= 2.2.0)
    diff-lcs (1.4.4)
    faker (2.15.1)
      i18n (>= 1.6, < 2)
    gherkin (9.0.0)
      cucumber-messages (~> 8.0, >= 8.0.0)
    google-protobuf (3.8.0-x64-mingw32)
    httparty (0.18.1)
      mime-types (~> 3.0)
      multi_xml (>= 0.5.2)
    i18n (1.8.5)
      concurrent-ruby (~> 1.0)
    json (2.3.1)
    json_pure (1.4.6)
    mime-types (3.3.1)
      mime-types-data (~> 3.2015)
    mime-types-data (3.2020.1104)
    multi_xml (0.6.0)
    report_builder (1.9)
      json (>= 2.3.0)
    rspec (3.10.0)
      rspec-core (~> 3.10.0)
      rspec-expectations (~> 3.10.0)
      rspec-mocks (~> 3.10.0)
    rspec-core (3.10.0)
      rspec-support (~> 3.10.0)
    rspec-expectations (3.10.0)
      diff-lcs (>= 1.2.0, < 2.0)
      rspec-support (~> 3.10.0)
    rspec-mocks (3.10.0)
      diff-lcs (>= 1.2.0, < 2.0)
      rspec-support (~> 3.10.0)
    rspec-support (3.10.0)
    sync (0.5.0)
    term-ansicolor (1.7.1)
      tins (~> 1.0)
    tins (1.26.0)
      sync

PLATFORMS
  x64-mingw32

DEPENDENCIES
  cucumber
  cucumber-json
  faker
  httparty
  report_builder
  rspec

BUNDLED WITH
   2.1.4
